PATH
  remote: .
  specs:
    fixtury (2.0.0)

GEM
  remote: https://rubygems.org/
  specs:
    activemodel (7.2.2.1)
      activesupport (= 7.2.2.1)
    activerecord (7.2.2.1)
      activemodel (= 7.2.2.1)
      activesupport (= 7.2.2.1)
      timeout (>= 0.4.0)
    activesupport (7.2.2.1)
      base64
      benchmark (>= 0.3)
      bigdecimal
      concurrent-ruby (~> 1.0, >= 1.3.1)
      connection_pool (>= 2.2.5)
      drb
      i18n (>= 1.6, < 2)
      logger (>= 1.4.2)
      minitest (>= 5.1)
      securerandom (>= 0.3)
      tzinfo (~> 2.0, >= 2.0.5)
    base64 (0.2.0)
    benchmark (0.4.0)
    bigdecimal (3.1.9)
    byebug (11.1.3)
    concurrent-ruby (1.3.4)
    connection_pool (2.5.0)
    drb (2.2.1)
    globalid (1.2.1)
      activesupport (>= 6.1)
    i18n (1.14.6)
      concurrent-ruby (~> 1.0)
    logger (1.6.4)
    m (1.6.2)
      method_source (>= 0.6.7)
      rake (>= 0.9.2.2)
    method_source (1.1.0)
    mini_portile2 (2.8.8)
    minitest (5.25.4)
    mocha (2.7.1)
      ruby2_keywords (>= 0.0.5)
    rake (13.2.1)
    ruby2_keywords (0.0.5)
    securerandom (0.4.1)
    sqlite3 (2.5.0)
      mini_portile2 (~> 2.8.0)
    sqlite3 (2.5.0-aarch64-linux-gnu)
    sqlite3 (2.5.0-aarch64-linux-musl)
    sqlite3 (2.5.0-arm-linux-gnu)
    sqlite3 (2.5.0-arm-linux-musl)
    sqlite3 (2.5.0-arm64-darwin)
    sqlite3 (2.5.0-x86-linux-gnu)
    sqlite3 (2.5.0-x86-linux-musl)
    sqlite3 (2.5.0-x86_64-darwin)
    sqlite3 (2.5.0-x86_64-linux-gnu)
    sqlite3 (2.5.0-x86_64-linux-musl)
    timeout (0.4.3)
    tzinfo (2.0.6)
      concurrent-ruby (~> 1.0)

PLATFORMS
  aarch64-linux-gnu
  aarch64-linux-musl
  arm-linux-gnu
  arm-linux-musl
  arm64-darwin
  ruby
  x86-linux-gnu
  x86-linux-musl
  x86_64-darwin
  x86_64-linux-gnu
  x86_64-linux-musl

DEPENDENCIES
  activerecord
  bundler
  byebug
  fixtury!
  globalid
  m
  minitest
  mocha
  rake
  sqlite3

CHECKSUMS
  activemodel (7.2.2.1) sha256=8398861f9ee2c4671a8357ab39e9b38a045fd656f6685a3dd5890c2419dbfdaf
  activerecord (7.2.2.1) sha256=79a31f71c32d5138717c2104e0ff105f5d82922247c85bdca144f2720e67fab9
  activesupport (7.2.2.1) sha256=842bcbf8a92977f80fb4750661a237cf5dd4fdd442066b3c35e88afb488647f5
  base64 (0.2.0) sha256=0f25e9b21a02a0cc0cea8ef92b2041035d39350946e8789c562b2d1a3da01507
  benchmark (0.4.0) sha256=0f12f8c495545e3710c3e4f0480f63f06b4c842cc94cec7f33a956f5180e874a
  bigdecimal (3.1.9) sha256=2ffc742031521ad69c2dfc815a98e426a230a3d22aeac1995826a75dabfad8cc
  byebug (11.1.3) sha256=2485944d2bb21283c593d562f9ae1019bf80002143cc3a255aaffd4e9cf4a35b
  concurrent-ruby (1.3.4) sha256=d4aa926339b0a86b5b5054a0a8c580163e6f5dcbdfd0f4bb916b1a2570731c32
  connection_pool (2.5.0) sha256=233b92f8d38e038c1349ccea65dd3772727d669d6d2e71f9897c8bf5cd53ebfc
  drb (2.2.1) sha256=e9d472bf785f558b96b25358bae115646da0dbfd45107ad858b0bc0d935cb340
  fixtury (2.0.0)
  globalid (1.2.1) sha256=70bf76711871f843dbba72beb8613229a49429d1866828476f9c9d6ccc327ce9
  i18n (1.14.6) sha256=dc229a74f5d181f09942dd60ab5d6e667f7392c4ee826f35096db36d1fe3614c
  logger (1.6.4) sha256=b627b91c922231050932e7bf8ee886fe54790ba2238a468ead52ba21911f2ee7
  m (1.6.2) sha256=2fb85aff050b6b699e6dbca47b45d426e2136ccdfabb64437e9630230d29108e
  method_source (1.1.0) sha256=181301c9c45b731b4769bc81e8860e72f9161ad7d66dd99103c9ab84f560f5c5
  mini_portile2 (2.8.8) sha256=8e47136cdac04ce81750bb6c09733b37895bf06962554e4b4056d78168d70a75
  minitest (5.25.4) sha256=9cf2cae25ac4dfc90c988ebc3b917f53c054978b673273da1bd20bcb0778f947
  mocha (2.7.1) sha256=8f7d538d5d3ebc75fc788b3d92fbab913a93a78462d2a3ce99d1bdde7af7f851
  rake (13.2.1) sha256=46cb38dae65d7d74b6020a4ac9d48afed8eb8149c040eccf0523bec91907059d
  ruby2_keywords (0.0.5) sha256=ffd13740c573b7301cf7a2e61fc857b2a8e3d3aff32545d6f8300d8bae10e3ef
  securerandom (0.4.1) sha256=cc5193d414a4341b6e225f0cb4446aceca8e50d5e1888743fac16987638ea0b1
  sqlite3 (2.5.0) sha256=87fa0036e6369c3f3cfeca749865c2b2b63649d3b17b223d1939a8eed4841a6b
  sqlite3 (2.5.0-aarch64-linux-gnu) sha256=302085c3b932c027bc8de9f45fb5d0a3dc502357908dcc8f9bc8a92e4e9c7ab1
  sqlite3 (2.5.0-aarch64-linux-musl) sha256=f6c8d25a6c7175bed154da82bc4c1ea3ef48580aeca17400b2e730c026821857
  sqlite3 (2.5.0-arm-linux-gnu) sha256=5f22b4c72c38570593f9fe351751cb269568594525e0e3e0776187a3f1a55f32
  sqlite3 (2.5.0-arm-linux-musl) sha256=b8e672106f341e9e4c85cdbc218710521c92082eec0ba61c180fb27a9c7780c6
  sqlite3 (2.5.0-arm64-darwin) sha256=65370ddbc7bd7e65a03c18f8bf0e9be0f4f3cf50f758f8c1d3181aece5515ecf
  sqlite3 (2.5.0-x86-linux-gnu) sha256=90488e9278ff23b9b22387a01354d5350b94d346fa9ab09256f154d0ca90dec6
  sqlite3 (2.5.0-x86-linux-musl) sha256=09dd65d3752fb9d5cd93df841cbc357d2d117118f96f8b4122cd9cb38e020295
  sqlite3 (2.5.0-x86_64-darwin) sha256=e3c6d2fa04db9d0773455cb6c79835f230c363424b69c34dd718e1aff8609d35
  sqlite3 (2.5.0-x86_64-linux-gnu) sha256=c62c8d625da7e2ce93d694f02cd9c9d537638f56b09f2e8f28bea2d030b3923b
  sqlite3 (2.5.0-x86_64-linux-musl) sha256=09fd262943eeb89465f6633e748b702b046de24cdab14b197302d0f4a0e250cb
  timeout (0.4.3) sha256=9509f079b2b55fe4236d79633bd75e34c1c1e7e3fb4b56cb5fda61f80a0fe30e
  tzinfo (2.0.6) sha256=8daf828cc77bcf7d63b0e3bdb6caa47e2272dcfaf4fbfe46f8c3a9df087a829b

BUNDLED WITH
   2.6.2
