PATH
  remote: .
  specs:
    fixtury (0.1.0)

GEM
  remote: https://rubygems.org/
  specs:
    ansi (1.5.0)
    autotest (5.0.0)
      minitest-autotest (~> 1.0)
    builder (3.2.3)
    minitest (5.13.0)
    minitest-autotest (1.1.1)
      minitest-server (~> 1.0)
      path_expander (~> 1.0)
    minitest-reporters (1.4.2)
      ansi
      builder
      minitest (>= 5.0)
      ruby-progressbar
    minitest-server (1.0.5)
      minitest (~> 5.0)
    path_expander (1.1.0)
    rake (10.5.0)
    ruby-progressbar (1.10.1)

PLATFORMS
  ruby

DEPENDENCIES
  autotest
  bundler (~> 2.0)
  fixtury!
  minitest (~> 5.0)
  minitest-reporters
  rake (~> 10.0)

BUNDLED WITH
   2.0.2
