PATH
  remote: .
  specs:
    fixtury (1.0.0.beta7)

GEM
  remote: https://rubygems.org/
  specs:
    activemodel (7.1.3.4)
      activesupport (= 7.1.3.4)
    activerecord (7.1.3.4)
      activemodel (= 7.1.3.4)
      activesupport (= 7.1.3.4)
      timeout (>= 0.4.0)
    activesupport (7.1.3.4)
      base64
      bigdecimal
      concurrent-ruby (~> 1.0, >= 1.0.2)
      connection_pool (>= 2.2.5)
      drb
      i18n (>= 1.6, < 2)
      minitest (>= 5.1)
      mutex_m
      tzinfo (~> 2.0)
    base64 (0.2.0)
    bigdecimal (3.1.8)
    byebug (11.1.3)
    concurrent-ruby (1.3.2)
    connection_pool (2.4.1)
    drb (2.2.1)
    globalid (1.2.1)
      activesupport (>= 6.1)
    i18n (1.14.5)
      concurrent-ruby (~> 1.0)
    m (1.6.2)
      method_source (>= 0.6.7)
      rake (>= 0.9.2.2)
    method_source (1.1.0)
    mini_portile2 (2.8.7)
    minitest (5.23.1)
    mocha (2.3.0)
      ruby2_keywords (>= 0.0.5)
    mutex_m (0.2.0)
    rake (13.2.1)
    ruby2_keywords (0.0.5)
    sqlite3 (1.7.3)
      mini_portile2 (~> 2.8.0)
    timeout (0.4.1)
    tzinfo (2.0.6)
      concurrent-ruby (~> 1.0)

PLATFORMS
  ruby

DEPENDENCIES
  activerecord
  bundler
  byebug
  fixtury!
  globalid
  m
  minitest
  mocha
  rake
  sqlite3

BUNDLED WITH
   2.5.6
