PATH
  remote: .
  specs:
    fixtury (2.2.0)

GEM
  remote: https://rubygems.org/
  specs:
    activemodel (8.0.2)
      activesupport (= 8.0.2)
    activerecord (8.0.2)
      activemodel (= 8.0.2)
      activesupport (= 8.0.2)
      timeout (>= 0.4.0)
    activesupport (8.0.2)
      base64
      benchmark (>= 0.3)
      bigdecimal
      concurrent-ruby (~> 1.0, >= 1.3.1)
      connection_pool (>= 2.2.5)
      drb
      i18n (>= 1.6, < 2)
      logger (>= 1.4.2)
      minitest (>= 5.1)
      securerandom (>= 0.3)
      tzinfo (~> 2.0, >= 2.0.5)
      uri (>= 0.13.1)
    base64 (0.3.0)
    benchmark (0.4.1)
    bigdecimal (3.2.2)
    byebug (12.0.0)
    concurrent-ruby (1.3.5)
    connection_pool (2.5.3)
    drb (2.2.3)
    globalid (1.2.1)
      activesupport (>= 6.1)
    i18n (1.14.7)
      concurrent-ruby (~> 1.0)
    logger (1.7.0)
    m (1.6.2)
      method_source (>= 0.6.7)
      rake (>= 0.9.2.2)
    method_source (1.1.0)
    mini_portile2 (2.8.9)
    minitest (5.25.5)
    mocha (2.7.1)
      ruby2_keywords (>= 0.0.5)
    rake (13.3.0)
    ruby2_keywords (0.0.5)
    securerandom (0.4.1)
    sqlite3 (2.7.1)
      mini_portile2 (~> 2.8.0)
    sqlite3 (2.7.1-aarch64-linux-gnu)
    sqlite3 (2.7.1-aarch64-linux-musl)
    sqlite3 (2.7.1-arm-linux-gnu)
    sqlite3 (2.7.1-arm-linux-musl)
    sqlite3 (2.7.1-arm64-darwin)
    sqlite3 (2.7.1-x86-linux-gnu)
    sqlite3 (2.7.1-x86-linux-musl)
    sqlite3 (2.7.1-x86_64-darwin)
    sqlite3 (2.7.1-x86_64-linux-gnu)
    sqlite3 (2.7.1-x86_64-linux-musl)
    timeout (0.4.3)
    tzinfo (2.0.6)
      concurrent-ruby (~> 1.0)
    uri (1.0.3)

PLATFORMS
  aarch64-linux-gnu
  aarch64-linux-musl
  arm-linux-gnu
  arm-linux-musl
  arm64-darwin
  ruby
  x86-linux-gnu
  x86-linux-musl
  x86_64-darwin
  x86_64-linux-gnu
  x86_64-linux-musl

DEPENDENCIES
  activerecord
  bundler
  byebug
  fixtury!
  globalid
  m
  minitest
  mocha
  rake
  sqlite3

CHECKSUMS
  activemodel (8.0.2) sha256=0ae1fb7fa1fae0699ba041a9e97702df42ea3b13f2d39f2d0fde51fca5f0656c
  activerecord (8.0.2) sha256=793470b92c44e4198d0262ac60086b7822f0ea585079ad67e32a6e4c86f2d90a
  activesupport (8.0.2) sha256=8565cddba31b900cdc17682fd66ecd020441e3eef320a9930285394e8c07a45e
  base64 (0.3.0) sha256=27337aeabad6ffae05c265c450490628ef3ebd4b67be58257393227588f5a97b
  benchmark (0.4.1) sha256=d4ef40037bba27f03b28013e219b950b82bace296549ec15a78016552f8d2cce
  bigdecimal (3.2.2) sha256=39085f76b495eb39a79ce07af716f3a6829bc35eb44f2195e2753749f2fa5adc
  byebug (12.0.0) sha256=d4a150d291cca40b66ec9ca31f754e93fed8aa266a17335f71bb0afa7fca1a1e
  concurrent-ruby (1.3.5) sha256=813b3e37aca6df2a21a3b9f1d497f8cbab24a2b94cab325bffe65ee0f6cbebc6
  connection_pool (2.5.3) sha256=cfd74a82b9b094d1ce30c4f1a346da23ee19dc8a062a16a85f58eab1ced4305b
  drb (2.2.3) sha256=0b00d6fdb50995fe4a45dea13663493c841112e4068656854646f418fda13373
  fixtury (2.2.0)
  globalid (1.2.1) sha256=70bf76711871f843dbba72beb8613229a49429d1866828476f9c9d6ccc327ce9
  i18n (1.14.7) sha256=ceba573f8138ff2c0915427f1fc5bdf4aa3ab8ae88c8ce255eb3ecf0a11a5d0f
  logger (1.7.0) sha256=196edec7cc44b66cfb40f9755ce11b392f21f7967696af15d274dde7edff0203
  m (1.6.2) sha256=2fb85aff050b6b699e6dbca47b45d426e2136ccdfabb64437e9630230d29108e
  method_source (1.1.0) sha256=181301c9c45b731b4769bc81e8860e72f9161ad7d66dd99103c9ab84f560f5c5
  mini_portile2 (2.8.9) sha256=0cd7c7f824e010c072e33f68bc02d85a00aeb6fce05bb4819c03dfd3c140c289
  minitest (5.25.5) sha256=391b6c6cb43a4802bfb7c93af1ebe2ac66a210293f4a3fb7db36f2fc7dc2c756
  mocha (2.7.1) sha256=8f7d538d5d3ebc75fc788b3d92fbab913a93a78462d2a3ce99d1bdde7af7f851
  rake (13.3.0) sha256=96f5092d786ff412c62fde76f793cc0541bd84d2eb579caa529aa8a059934493
  ruby2_keywords (0.0.5) sha256=ffd13740c573b7301cf7a2e61fc857b2a8e3d3aff32545d6f8300d8bae10e3ef
  securerandom (0.4.1) sha256=cc5193d414a4341b6e225f0cb4446aceca8e50d5e1888743fac16987638ea0b1
  sqlite3 (2.7.1) sha256=848668acba4c6829331459180d6ca8c589e583bbfacf25ab4528f59fcaba1aa2
  sqlite3 (2.7.1-aarch64-linux-gnu) sha256=9281a5bbecf51e695767c8dbfd340f139a3f248e5828108fc1cbfdf6081b71c4
  sqlite3 (2.7.1-aarch64-linux-musl) sha256=daeca408854f91bfbdd6b8d33847e039a0346232dae360da5a3ff6a8a9d88d6d
  sqlite3 (2.7.1-arm-linux-gnu) sha256=3c2ffa960641bd5da4599ef1758d71404888e0a4e8b18c2cf3ad5e8229c088e1
  sqlite3 (2.7.1-arm-linux-musl) sha256=c3a700629beaa524837c4843011731c7087392b06885ce8ccdad21a9a715d591
  sqlite3 (2.7.1-arm64-darwin) sha256=c7615705fda493d815213877972096a734772311168bcbc7c6469e2383a3abb8
  sqlite3 (2.7.1-x86-linux-gnu) sha256=d7cee9a16aa9f904a21a07fe33205f3f44d8f795a92eed1b882a01ea5ca47cd3
  sqlite3 (2.7.1-x86-linux-musl) sha256=eeca1f374ed50ca0fe4e201040050b04964b909bf75575d955755d95461b451d
  sqlite3 (2.7.1-x86_64-darwin) sha256=740bf99f43bf23c183f9f50116898d941278faa9312a4af85a36454fef6a0ace
  sqlite3 (2.7.1-x86_64-linux-gnu) sha256=8c742e1c8975dafce1d25b8a4e0321696e36b49c27d19d6eebec261ea77589f1
  sqlite3 (2.7.1-x86_64-linux-musl) sha256=57c1a87ee2cc3aa0c4ab4bb8811b0b5e955d38f24d8982713dc0cf979b4d64d8
  timeout (0.4.3) sha256=9509f079b2b55fe4236d79633bd75e34c1c1e7e3fb4b56cb5fda61f80a0fe30e
  tzinfo (2.0.6) sha256=8daf828cc77bcf7d63b0e3bdb6caa47e2272dcfaf4fbfe46f8c3a9df087a829b
  uri (1.0.3) sha256=e9f2244608eea2f7bc357d954c65c910ce0399ca5e18a7a29207ac22d8767011

BUNDLED WITH
   2.6.9
