PATH
  remote: .
  specs:
    fixtury (0.4.1)

GEM
  remote: https://rubygems.org/
  specs:
    activesupport (6.1.7.7)
      concurrent-ruby (~> 1.0, >= 1.0.2)
      i18n (>= 1.6, < 2)
      minitest (>= 5.1)
      tzinfo (~> 2.0)
      zeitwerk (~> 2.3)
    ansi (1.5.0)
    autotest (5.0.0)
      minitest-autotest (~> 1.0)
    builder (3.2.3)
    byebug (11.0.1)
    concurrent-ruby (1.1.6)
    globalid (0.4.2)
      activesupport (>= 4.2.0)
    i18n (1.8.2)
      concurrent-ruby (~> 1.0)
    metaclass (0.0.4)
    minitest (5.13.0)
    minitest-autotest (1.1.1)
      minitest-server (~> 1.0)
      path_expander (~> 1.0)
    minitest-reporters (1.4.2)
      ansi
      builder
      minitest (>= 5.0)
      ruby-progressbar
    minitest-server (1.0.5)
      minitest (~> 5.0)
    mocha (1.8.0)
      metaclass (~> 0.0.1)
    path_expander (1.1.0)
    rake (13.0.1)
    ruby-progressbar (1.10.1)
    sqlite (1.0.2)
    tzinfo (2.0.6)
      concurrent-ruby (~> 1.0)
    zeitwerk (2.3.0)

PLATFORMS
  ruby

DEPENDENCIES
  autotest
  bundler (~> 2.0)
  byebug
  fixtury!
  globalid
  minitest (~> 5.0)
  minitest-reporters
  mocha
  rake (~> 13.0)
  sqlite

BUNDLED WITH
   2.1.4
